REDIRECTS: ON
COPY-CONTENT-TO-OUTPUT-DIR: ALWAYS
CONTENT: ONCE
RESTRICTION: == net451
NUGET
  remote: https://api.nuget.org/v3/index.json
    Apache.Avro (1.7.7.2)
      log4net (>= 1.2.10)
      Newtonsoft.Json (>= 3.5)
    AsyncIO.DotNet (1.3)
    AWSSDK (2.3.55.2)
    Castle.Core (4.3.1)
    Confluent.Kafka (0.11.1)
    Dapper (1.50.5)
    DataAnnotationsValidator (2.1)
    EnyimMemcached (2.16)
    Gigya.Microdot.Configuration (1.11.1)
      DataAnnotationsValidator (>= 2.1 < 2.2)
      Gigya.Microdot.Interfaces (1.11.1)
      Gigya.Microdot.SharedLogic (1.11.1)
      Gigya.ServiceContract (>= 2.5.6 < 3.0)
      Metrics.NET (>= 0.5.5 < 1.0)
      Newtonsoft.Json (>= 9.0.1)
      System.ComponentModel.Annotations (>= 4.5 < 5.0)
      System.Threading.Tasks.Dataflow (>= 4.9 < 5.0)
    Gigya.Microdot.Fakes (1.11.1)
      Gigya.Microdot.Configuration (1.11.1)
      Gigya.Microdot.Interfaces (1.11.1)
      Gigya.Microdot.ServiceDiscovery (1.11.1)
      Gigya.Microdot.SharedLogic (1.11.1)
      Metrics.NET (>= 0.5.5 < 1.0)
      System.Threading.Tasks.Dataflow (>= 4.9 < 5.0)
    Gigya.Microdot.Hosting (1.11.1)
      Gigya.Microdot.Configuration (1.11.1)
      Gigya.Microdot.Interfaces (1.11.1)
      Gigya.Microdot.ServiceDiscovery (1.11.1)
      Gigya.Microdot.SharedLogic (1.11.1)
      Gigya.ServiceContract (>= 2.5.6 < 3.0)
      Metrics.NET (>= 0.5.5 < 1.0)
      Newtonsoft.Json (>= 9.0.1)
      System.Collections.Immutable (>= 1.5 < 2.0)
      System.Threading.Tasks.Dataflow (>= 4.9 < 5.0)
      System.ValueTuple (>= 4.5)
    Gigya.Microdot.Interfaces (1.11.1)
      Newtonsoft.Json (>= 9.0.1)
    Gigya.Microdot.Ninject (1.11.1)
      Castle.Core (>= 4.3.1 < 5.0)
      Gigya.Microdot.Configuration (1.11.1)
      Gigya.Microdot.Hosting (1.11.1)
      Gigya.Microdot.Interfaces (1.11.1)
      Gigya.Microdot.ServiceDiscovery (1.11.1)
      Gigya.Microdot.ServiceProxy (1.11.1)
      Gigya.Microdot.SharedLogic (1.11.1)
      Gigya.ServiceContract (>= 2.5.6 < 3.0)
      Metrics.NET (>= 0.5.5 < 1.0)
      Ninject (>= 3.3.4 < 4.0)
      Ninject.Extensions.Conventions (>= 3.3 < 4.0)
      Ninject.Extensions.Factory (>= 3.3.2 < 4.0)
      System.Threading.Tasks.Dataflow (>= 4.9 < 5.0)
    Gigya.Microdot.Ninject.Host (1.11.1)
      Gigya.Microdot.Hosting (1.11.1)
      Gigya.Microdot.Interfaces (1.11.1)
      Gigya.Microdot.Ninject (1.11.1)
      Gigya.Microdot.SharedLogic (1.11.1)
      Ninject (>= 3.3.4 < 4.0)
      Ninject.Extensions.Conventions (>= 3.3 < 4.0)
      Ninject.Extensions.Factory (>= 3.3.2 < 4.0)
      System.Threading.Tasks.Dataflow (>= 4.9 < 5.0)
    Gigya.Microdot.Orleans.Hosting (1.11.1)
      Gigya.Microdot.Hosting (1.11.1)
      Gigya.Microdot.Interfaces (1.11.1)
      Gigya.Microdot.SharedLogic (1.11.1)
      Gigya.ServiceContract (>= 2.5.6 < 3.0)
      Metrics.NET (>= 0.5.5 < 1.0)
      Microsoft.CodeAnalysis.Common (1.3.2)
      Microsoft.CodeAnalysis.CSharp (1.3.2)
      Microsoft.Orleans.Core (1.3.1)
      Microsoft.Orleans.OrleansCodeGenerator (1.3.1)
      Microsoft.Orleans.OrleansCodeGenerator.Build (1.3.1)
      Microsoft.Orleans.OrleansProviders (1.3.1)
      Microsoft.Orleans.OrleansRuntime (1.3.1)
      Microsoft.Orleans.OrleansSqlUtils (1.3.1)
      Microsoft.Orleans.OrleansZooKeeperUtils (1.3.1)
      System.Threading.Tasks.Dataflow (>= 4.9 < 5.0)
    Gigya.Microdot.Orleans.Ninject.Host (1.11.1)
      Gigya.Microdot.Hosting (1.11.1)
      Gigya.Microdot.Interfaces (1.11.1)
      Gigya.Microdot.Ninject (1.11.1)
      Gigya.Microdot.Orleans.Hosting (1.11.1)
      Gigya.Microdot.SharedLogic (1.11.1)
      Gigya.ServiceContract (>= 2.5.6 < 3.0)
      Microsoft.Extensions.DependencyInjection (1.1.1)
      Microsoft.Extensions.DependencyInjection.Abstractions (1.1.1)
      Microsoft.Orleans.Core (1.3.1)
      Microsoft.Orleans.OrleansProviders (1.3.1)
      Microsoft.Orleans.OrleansRuntime (1.3.1)
      Ninject (>= 3.3.4 < 4.0)
      Ninject.Extensions.Conventions (>= 3.3 < 4.0)
      Ninject.Extensions.Factory (>= 3.3.2 < 4.0)
    Gigya.Microdot.ServiceDiscovery (1.11.1)
      Gigya.Microdot.Interfaces (1.11.1)
      Gigya.Microdot.SharedLogic (1.11.1)
      Gigya.ServiceContract (>= 2.5.6 < 3.0)
      Metrics.NET (>= 0.5.5 < 1.0)
      Newtonsoft.Json (>= 9.0.1)
      Nito.AsyncEx (>= 4.0.1 < 5.0)
      System.Collections.Immutable (>= 1.5 < 2.0)
      System.Threading.Tasks.Dataflow (>= 4.9 < 5.0)
    Gigya.Microdot.ServiceProxy (1.11.1)
      Gigya.Microdot.Interfaces (1.11.1)
      Gigya.Microdot.ServiceDiscovery (1.11.1)
      Gigya.Microdot.SharedLogic (1.11.1)
      Gigya.ServiceContract (>= 2.5.6 < 3.0)
      Metrics.NET (>= 0.5.5 < 1.0)
      Newtonsoft.Json (>= 9.0.1)
      Nito.AsyncEx (>= 4.0.1 < 5.0)
      System.Collections.Immutable (>= 1.5 < 2.0)
      System.Threading.Tasks.Dataflow (>= 4.9 < 5.0)
    Gigya.Microdot.SharedLogic (1.11.1)
      Gigya.Microdot.Interfaces (1.11.1)
      Gigya.ServiceContract (>= 2.5.6 < 3.0)
      Metrics.NET (>= 0.5.5 < 1.0)
      Newtonsoft.Json (>= 9.0.1)
      System.Threading.Tasks.Dataflow (>= 4.9 < 5.0)
    Gigya.Microdot.Testing (1.11.1)
      Gigya.Microdot.Configuration (1.11.1)
      Gigya.Microdot.Fakes (1.11.1)
      Gigya.Microdot.Hosting (1.11.1)
      Gigya.Microdot.Interfaces (1.11.1)
      Gigya.Microdot.Ninject (1.11.1)
      Gigya.Microdot.Orleans.Hosting (1.11.1)
      Gigya.Microdot.Orleans.Ninject.Host (1.11.1)
      Gigya.Microdot.ServiceDiscovery (1.11.1)
      Gigya.Microdot.ServiceProxy (1.11.1)
      Gigya.Microdot.SharedLogic (1.11.1)
      Gigya.Microdot.Testing.Shared (1.11.1)
      Gigya.ServiceContract (>= 2.5.6 < 3.0)
      Microsoft.Orleans.Core (1.3.1)
      Ninject (>= 3.3.4 < 4.0)
      NSubstitute (>= 3.1)
      System.Threading.Tasks.Dataflow (>= 4.9 < 5.0)
    Gigya.Microdot.Testing.Shared (1.11.1)
      Gigya.Microdot.Configuration (1.11.1)
      Gigya.Microdot.Fakes (1.11.1)
      Gigya.Microdot.Hosting (1.11.1)
      Gigya.Microdot.Interfaces (1.11.1)
      Gigya.Microdot.Ninject (1.11.1)
      Gigya.Microdot.Orleans.Hosting (1.11.1)
      Gigya.Microdot.Orleans.Ninject.Host (1.11.1)
      Gigya.Microdot.ServiceDiscovery (1.11.1)
      Gigya.Microdot.ServiceProxy (1.11.1)
      Gigya.Microdot.SharedLogic (1.11.1)
      Gigya.ServiceContract (>= 2.5.6 < 3.0)
      Microsoft.Orleans.Core (1.3.1)
      Ninject (>= 3.3.4 < 4.0)
      NSubstitute (>= 3.1)
      System.Threading.Tasks.Dataflow (>= 4.9 < 5.0)
      System.ValueTuple (>= 4.5)
    JetBrains.Annotations (2018.2.1)
    librdkafka.redist (0.11.1)
    Libuv (1.10)
      Microsoft.NETCore.Platforms (>= 1.0.1)
    log4net (2.0.8)
    Metrics.NET (0.5.5)
    Metrics.NET.InfluxDbReporting (0.5)
      Metrics.NET (>= 0.5)
    Microsoft.AspNet.WebApi.Client (5.2.6)
      Newtonsoft.Json (>= 6.0.4)
    Microsoft.AspNet.WebApi.Core (5.2.6)
      Microsoft.AspNet.WebApi.Client (>= 5.2.6)
    Microsoft.AspNetCore.Buffering (0.2.2)
      Microsoft.AspNetCore.Http.Abstractions (>= 1.1.2)
      NETStandard.Library (>= 1.6.1)
    Microsoft.AspNetCore.Diagnostics (1.1.6)
      Microsoft.AspNetCore.Diagnostics.Abstractions (>= 1.1.6)
      Microsoft.AspNetCore.Hosting.Abstractions (>= 1.1.3)
      Microsoft.AspNetCore.Http.Extensions (>= 1.1.2)
      Microsoft.AspNetCore.WebUtilities (>= 1.1.2)
      Microsoft.Extensions.FileProviders.Physical (>= 1.1.1)
      Microsoft.Extensions.Logging.Abstractions (>= 1.1.2)
      Microsoft.Extensions.Options (>= 1.1.2)
      NETStandard.Library (>= 1.6.1)
      System.Diagnostics.DiagnosticSource (>= 4.3)
      System.Reflection.Metadata (>= 1.4.1)
    Microsoft.AspNetCore.Diagnostics.Abstractions (1.1.6)
      NETStandard.Library (>= 1.6.1)
    Microsoft.AspNetCore.Hosting (1.1.3)
      Microsoft.AspNetCore.Hosting.Abstractions (>= 1.1.3)
      Microsoft.AspNetCore.Hosting.Server.Abstractions (>= 1.1.3)
      Microsoft.AspNetCore.Http (>= 1.1.2)
      Microsoft.AspNetCore.Http.Extensions (>= 1.1.2)
      Microsoft.Extensions.Configuration (>= 1.1.2)
      Microsoft.Extensions.Configuration.EnvironmentVariables (>= 1.1.2)
      Microsoft.Extensions.DependencyInjection (>= 1.1.1)
      Microsoft.Extensions.FileProviders.Physical (>= 1.1.1)
      Microsoft.Extensions.Logging (>= 1.1.2)
      Microsoft.Extensions.Options (>= 1.1.2)
      Microsoft.Extensions.PlatformAbstractions (>= 1.1)
      NETStandard.Library (>= 1.6.1)
      System.Diagnostics.DiagnosticSource (>= 4.3.1)
      System.Reflection.Metadata (>= 1.4.1)
    Microsoft.AspNetCore.Hosting.Abstractions (1.1.3)
      Microsoft.AspNetCore.Hosting.Server.Abstractions (>= 1.1.3)
      Microsoft.AspNetCore.Http.Abstractions (>= 1.1.2)
      Microsoft.Extensions.Configuration.Abstractions (>= 1.1.2)
      Microsoft.Extensions.DependencyInjection.Abstractions (>= 1.1.1)
      Microsoft.Extensions.FileProviders.Abstractions (>= 1.1.1)
      Microsoft.Extensions.Logging.Abstractions (>= 1.1.2)
      NETStandard.Library (>= 1.6.1)
    Microsoft.AspNetCore.Hosting.Server.Abstractions (1.1.3)
      Microsoft.AspNetCore.Http.Features (>= 1.1.2)
      Microsoft.Extensions.Configuration.Abstractions (>= 1.1.2)
      NETStandard.Library (>= 1.6.1)
    Microsoft.AspNetCore.Http (1.1.2)
      Microsoft.AspNetCore.Http.Abstractions (>= 1.1.2)
      Microsoft.AspNetCore.WebUtilities (>= 1.1.2)
      Microsoft.Extensions.ObjectPool (>= 1.1.1)
      Microsoft.Extensions.Options (>= 1.1.2)
      Microsoft.Net.Http.Headers (>= 1.1.2)
      NETStandard.Library (>= 1.6.1)
      System.Buffers (>= 4.3)
    Microsoft.AspNetCore.Http.Abstractions (1.1.2)
      Microsoft.AspNetCore.Http.Features (>= 1.1.2)
      Microsoft.Extensions.Primitives (>= 1.1.1)
      NETStandard.Library (>= 1.6.1)
      System.Text.Encodings.Web (>= 4.3.1)
    Microsoft.AspNetCore.Http.Extensions (1.1.2)
      Microsoft.AspNetCore.Http.Abstractions (>= 1.1.2)
      Microsoft.Extensions.FileProviders.Abstractions (>= 1.1.1)
      Microsoft.Net.Http.Headers (>= 1.1.2)
      NETStandard.Library (>= 1.6.1)
      System.Buffers (>= 4.3)
    Microsoft.AspNetCore.Http.Features (1.1.2)
      Microsoft.Extensions.Primitives (>= 1.1.1)
      NETStandard.Library (>= 1.6.1)
    Microsoft.AspNetCore.Server.Kestrel (1.1.3)
      Libuv (>= 1.9.2)
      Microsoft.AspNetCore.Hosting (>= 1.1.3)
      Microsoft.Extensions.Logging.Abstractions (>= 1.1.2)
      NETStandard.Library (>= 1.6.1)
      System.Buffers (>= 4.3)
      System.Numerics.Vectors (>= 4.3)
      System.Threading.Tasks.Extensions (>= 4.3)
    Microsoft.AspNetCore.Server.Kestrel.Https (1.1.3)
      Microsoft.AspNetCore.Server.Kestrel (>= 1.1.3)
      NETStandard.Library (>= 1.6.1)
    Microsoft.AspNetCore.WebUtilities (1.1.2)
      Microsoft.Extensions.Primitives (>= 1.1.1)
      Microsoft.Net.Http.Headers (>= 1.1.2)
      NETStandard.Library (>= 1.6.1)
      System.Buffers (>= 4.3)
      System.Text.Encodings.Web (>= 4.3.1)
    Microsoft.Bcl (1.1.10)
      Microsoft.Bcl.Build (>= 1.0.14)
    Microsoft.Bcl.Async (1.0.168)
      Microsoft.Bcl (>= 1.1.8)
    Microsoft.Bcl.Build (1.0.21) - import_targets: false
    Microsoft.CodeAnalysis.Analyzers (2.6.2)
    Microsoft.CodeAnalysis.Common (1.3.2)
      Microsoft.CodeAnalysis.Analyzers (>= 1.1)
      System.Collections.Immutable (>= 1.1.37)
      System.Reflection.Metadata (>= 1.2)
    Microsoft.CodeAnalysis.CSharp (1.3.2)
      Microsoft.CodeAnalysis.Common (1.3.2)
    Microsoft.Extensions.Configuration (1.1.2)
      Microsoft.Extensions.Configuration.Abstractions (>= 1.1.2)
      NETStandard.Library (>= 1.6.1)
    Microsoft.Extensions.Configuration.Abstractions (1.1.2)
      Microsoft.Extensions.Primitives (>= 1.1.1)
      NETStandard.Library (>= 1.6.1)
    Microsoft.Extensions.Configuration.EnvironmentVariables (1.1.2)
      Microsoft.Extensions.Configuration (>= 1.1.2)
      NETStandard.Library (>= 1.6.1)
    Microsoft.Extensions.DependencyInjection (1.1.1)
      Microsoft.Extensions.DependencyInjection.Abstractions (>= 1.1.1)
      NETStandard.Library (>= 1.6.1)
    Microsoft.Extensions.DependencyInjection.Abstractions (1.1.1)
      NETStandard.Library (>= 1.6.1)
      System.ComponentModel (>= 4.3)
    Microsoft.Extensions.FileProviders.Abstractions (1.1.1)
      Microsoft.Extensions.Primitives (>= 1.1.1)
      NETStandard.Library (>= 1.6.1)
    Microsoft.Extensions.FileProviders.Physical (1.1.1)
      Microsoft.Extensions.FileProviders.Abstractions (>= 1.1.1)
      Microsoft.Extensions.FileSystemGlobbing (>= 1.1.1)
      NETStandard.Library (>= 1.6.1)
    Microsoft.Extensions.FileSystemGlobbing (2.1.1)
    Microsoft.Extensions.Logging (1.1.2)
      Microsoft.Extensions.DependencyInjection.Abstractions (>= 1.1.1)
      Microsoft.Extensions.Logging.Abstractions (>= 1.1.2)
      NETStandard.Library (>= 1.6.1)
    Microsoft.Extensions.Logging.Abstractions (1.1.2)
      NETStandard.Library (>= 1.6.1)
    Microsoft.Extensions.Logging.Console (1.1.2)
      Microsoft.Extensions.Configuration.Abstractions (>= 1.1.2)
      Microsoft.Extensions.Logging.Abstractions (>= 1.1.2)
      NETStandard.Library (>= 1.6.1)
    Microsoft.Extensions.ObjectPool (1.1.1)
      NETStandard.Library (>= 1.6.1)
    Microsoft.Extensions.Options (1.1.2)
      Microsoft.Extensions.DependencyInjection.Abstractions (>= 1.1.1)
      Microsoft.Extensions.Primitives (>= 1.1.1)
      NETStandard.Library (>= 1.6.1)
      System.ComponentModel (>= 4.3)
    Microsoft.Extensions.PlatformAbstractions (1.1)
      NETStandard.Library (>= 1.6.1)
    Microsoft.Extensions.Primitives (1.1.1)
      NETStandard.Library (>= 1.6.1)
      System.Runtime.CompilerServices.Unsafe (>= 4.3)
    Microsoft.Net.Http.Headers (1.1.2)
      Microsoft.Extensions.Primitives (>= 1.1.1)
      NETStandard.Library (>= 1.6.1)
      System.Buffers (>= 4.3)
      System.Diagnostics.Contracts (>= 4.3)
    Microsoft.NETCore.Platforms (2.1.1)
    Microsoft.Orleans.Core (1.3.1)
      Newtonsoft.Json (>= 7.0.1)
      System.Collections.Immutable (>= 1.1.37)
    Microsoft.Orleans.OrleansCodeGenerator (1.3.1)
      Microsoft.CodeAnalysis.CSharp (>= 1.3.2)
      Microsoft.Orleans.Core (>= 1.3.1)
    Microsoft.Orleans.OrleansCodeGenerator.Build (1.3.1)
      Microsoft.Orleans.Core (>= 1.3.1)
    Microsoft.Orleans.OrleansProviders (1.3.1)
      Microsoft.Orleans.Core (>= 1.3.1)
    Microsoft.Orleans.OrleansRuntime (1.3.1)
      Microsoft.Extensions.DependencyInjection (>= 1.0)
      Microsoft.Extensions.DependencyInjection.Abstractions (>= 1.0)
      Microsoft.Orleans.Core (>= 1.3.1)
    Microsoft.Orleans.OrleansSqlUtils (1.3.1)
      Microsoft.Orleans.Core (>= 1.3.1)
      Newtonsoft.Json (>= 7.0.1)
    Microsoft.Orleans.OrleansZooKeeperUtils (1.3.1)
      Microsoft.Orleans.Core (>= 1.3.1)
      Microsoft.Orleans.OrleansRuntime (>= 1.3.1)
      ZooKeeperNetEx (>= 3.4.8.5)
    MySqlConnector (0.45.1)
      System.Buffers (>= 4.4)
      System.Memory (>= 4.5)
      System.Threading.Tasks.Extensions (>= 4.3)
    NETStandard.Library (2.0.3)
      Microsoft.NETCore.Platforms (>= 1.1)
      System.Runtime.InteropServices.RuntimeInformation (>= 4.3)
    Newtonsoft.Json (11.0.2)
    Ninject (3.3.4)
    Ninject.Extensions.Conventions (3.3)
      Ninject.Extensions.Factory (>= 3.3.2)
    Ninject.Extensions.Factory (3.3.2)
      Castle.Core (>= 4.2)
      Ninject (>= 3.3.3)
    Nito.AsyncEx (4.0.1)
      Microsoft.Bcl (>= 1.1.10)
      Microsoft.Bcl.Async (>= 1.0.168)
      Microsoft.Bcl.Build (>= 1.0.21)
    NSubstitute (3.1)
      Castle.Core (>= 4.2)
      System.Threading.Tasks.Extensions (>= 4.3)
    Nuclex.Cloning (1.0)
    NUnit (3.10.1)
    ParallelExtensionsExtras (1.2)
    PlainElastic.Net (1.1.55)
      Newtonsoft.Json (>= 4.0.5)
    Polly (5.9)
    RabbitMQ.Client (4.1.3)
    RichardSzalay.MockHttp (5.0)
    Shouldly (3.0.1)
    System.Buffers (4.5)
    System.Collections.Immutable (1.5)
    System.ComponentModel (4.3)
    System.ComponentModel.Annotations (4.5)
    System.Diagnostics.Contracts (4.3)
    System.Diagnostics.DiagnosticSource (4.5.1)
    System.Memory (4.5.1)
      System.Buffers (>= 4.4)
      System.Runtime.CompilerServices.Unsafe (>= 4.5)
    System.Net.Http (4.3.3)
    System.Net.Http.Formatting (4.0.20505)
      Microsoft.AspNet.WebApi.Client (>= 2.0.20505)
    System.Numerics.Vectors (4.5)
    System.Reactive.Core (3.1.1)
      System.Reactive.Interfaces (>= 3.1.1)
    System.Reactive.Interfaces (3.1.1)
    System.Reflection.Metadata (1.6)
      System.Collections.Immutable (>= 1.5)
    System.Runtime.CompilerServices.Unsafe (4.5.2)
    System.Runtime.InteropServices.RuntimeInformation (4.3)
    System.Text.Encodings.Web (4.5)
    System.Threading.Tasks.Dataflow (4.9)
    System.Threading.Tasks.Extensions (4.5.1)
      System.Runtime.CompilerServices.Unsafe (>= 4.5)
    System.ValueTuple (4.5)
    Thrift (0.9)
    ZooKeeperNetEx (3.4.12)
  remote: http://nuget.gigya.net/nugetForVS/nuget
    Gigya.Common.Application.Ninject (5.19.2)
      Gigya.Common.Configuration (5.19.2)
      Gigya.Common.Contracts (>= 2.8 < 3.0)
      Gigya.Common.Interface (5.19.2)
      Gigya.Common.Logging (5.19.2)
      Gigya.Common.Messaging.Kafka (5.19.2)
      Gigya.Common.Messaging.RabbitMQ (5.19.2)
      Gigya.Common.Ninject (5.19.2)
      Gigya.Common.Security (5.19.2)
      Gigya.Common.Utils (5.19.2)
      Gigya.Hades.Client (5.19.2)
      Gigya.Microdot.Fakes (1.11.1)
      Gigya.Microdot.Ninject.Host (1.11.1)
    Gigya.Common.Configuration (5.19.2)
      Gigya.Common.Contracts (>= 2.8 < 3.0)
      Gigya.Common.Interface (5.19.2)
      Gigya.Microdot.Configuration (>= 1.11.1)
    Gigya.Common.Contracts (2.8.0)
      Gigya.ServiceContract (>= 2.4.16 < 3.0)
      Newtonsoft.Json (>= 9.0.1)
    Gigya.Common.Interface (5.19.2)
      Gigya.Microdot.Interfaces (1.11.1)
    Gigya.Common.Logging (5.19.2)
      Apache.Avro (>= 1.7.7.2 < 2.0)
      Castle.Core (>= 4.3.1)
      Gigya.Common.Contracts (>= 2.8 < 3.0)
      Gigya.Common.Interface (5.19.2)
      Gigya.Common.Messaging.RabbitMQ (5.19.2)
      Gigya.Common.Security (5.19.2)
      Gigya.Common.Utils (5.19.2)
      Gigya.Microdot.Hosting (1.11.1)
      Metrics.NET.InfluxDbReporting (>= 0.5 < 1.0)
      Thrift (0.9)
    Gigya.Common.Messaging.Kafka (5.19.2)
      Confluent.Kafka (0.11.1)
      Gigya.Common.Interface (5.19.2)
      Gigya.Microdot.SharedLogic (1.11.1)
      librdkafka.redist (0.11.1)
      System.ComponentModel.Annotations (>= 4.5 < 5.0)
    Gigya.Common.Messaging.RabbitMQ (5.19.2)
      Gigya.Common.Interface (5.19.2)
      Gigya.Microdot.ServiceProxy (1.11.1)
      ParallelExtensionsExtras (>= 1.2 < 2.0)
      RabbitMQ.Client (>= 4.1.3 < 5.0)
    Gigya.Common.Ninject (5.19.2)
      Gigya.Common.Configuration (5.19.2)
      Gigya.Common.Interface (5.19.2)
      Gigya.Common.Messaging.Kafka (5.19.2)
      Gigya.Microdot.Ninject (1.11.1)
    Gigya.Common.Security (5.19.2)
      Gigya.Common.Interface (5.19.2)
      Gigya.Common.Messaging.RabbitMQ (5.19.2)
      Gigya.Common.Utils (5.19.2)
      Gigya.Microdot.SharedLogic (1.11.1)
      KeyManagementService.Interface (>= 1.5.6 < 2.0)
      Nito.AsyncEx (>= 4.0.1 < 5.0)
    Gigya.Common.Utils (5.19.2)
      Gigya.Common.Contracts (>= 2.8 < 3.0)
      Nuclex.Cloning (>= 1.0 < 2.0)
    Gigya.Hades.Client (5.19.2)
      Gigya.Common.Contracts (>= 2.8 < 3.0)
      Gigya.Common.Interface (5.19.2)
      Gigya.Common.Utils (5.19.2)
      Gigya.Microdot.SharedLogic (1.11.1)
      PlainElastic.Net (1.1.55)
      System.ComponentModel.Annotations (>= 4.5 < 5.0)
    Gigya.MySql.Client (5.19.2)
      Dapper (>= 1.50.5 < 2.0)
      Gigya.Common.Interface (5.19.2)
      Gigya.Common.Utils (5.19.2)
      Gigya.Microdot.SharedLogic (1.11.1)
      MySqlConnector (>= 0.44.1 < 1.0)
    Gigya.ServiceContract (2.6.1)
      Newtonsoft.Json (>= 9.0.1)
    Gigya.Tests.Utils (5.19.2)
      Gigya.Common.Application.Ninject (5.19.2)
      Gigya.Common.Configuration (5.19.2)
      Gigya.Common.Contracts (>= 2.8 < 3.0)
      Gigya.Common.Interface (5.19.2)
      Gigya.Common.Logging (5.19.2)
      Gigya.Common.Messaging.RabbitMQ (5.19.2)
      Gigya.Microdot.Fakes (1.11.1)
      Gigya.Microdot.Testing (1.11.1)
      NUnit (>= 3.10.1 < 4.0)
    Gigya.UserManagement.Common (3.0.3)
      Gigya.Common.Contracts (>= 2.6 < 3.0)
      Gigya.Microdot.SharedLogic (>= 1.9.6)
      Gigya.UserManagement.Models (3.0.3)
      Microsoft.AspNet.WebApi.Core (>= 5.2.4 < 6.0)
    Gigya.UserManagement.Contracts.CustomerFacing (2.11.7)
      JetBrains.Annotations (>= 11.1)
      Newtonsoft.Json (>= 10.0.3)
    Gigya.UserManagement.Contracts.Internal (2.11.7)
      Gigya.UserManagement.Contracts.CustomerFacing (2.11.7)
      JetBrains.Annotations (>= 11.1)
      Newtonsoft.Json (>= 10.0.3)
    Gigya.UserManagement.Models (3.0.3)
    IndigoService.Interface (1.0.0)
      Gigya.Common.Contracts (>= 2.6 < 3.0)
      Gigya.UserManagement.Contracts.CustomerFacing (>= 2.11.3 < 3.0)
      Gigya.UserManagement.Models (>= 3.0.3 < 4.0)
    JWTService.Interface (1.1.0)
      Gigya.Common.Contracts (>= 2.4)
    KeyEncryptionService.Interface (1.5.5)
      Gigya.Common.Contracts (>= 2.4.15)
    KeyManagementService.Interface (1.5.6)
      Gigya.Common.Contracts (>= 2.5.4 < 3.0)
      KeyEncryptionService.Interface (>= 1.5.5)
      Ninject (>= 3.3.4)
    LiteFlowsService.Interface (0.0.7)
      Gigya.Common.Contracts (>= 2.7)
    OpenIdRPService.Interface (1.1.1)
      Gigya.Common.Contracts (>= 2.4)
      Gigya.UserManagement.Contracts.Internal (>= 2.3.10)
    PartnersService.Interface (1.1.52)
      Gigya.Common.Contracts (>= 2.5.12)
    PolicyService.Interface (1.4.2.0)
      Gigya.Common.Contracts (>= 2.2.1)
      Gigya.UserManagement.Models (>= 1.3.1)
    SamlSpService.Interface (1.1.0)
      Gigya.Common.Contracts (>= 2.4)
      Gigya.UserManagement.Models (>= 1.3.1)
    SessionService.Interface (3.2.2)
      Gigya.Common.Contracts (>= 2.7)
      Gigya.UserManagement.Models (>= 3.0.2)
    SitesService.Interface (1.5.10)
      Gigya.Common.Contracts (>= 2.4.14 < 3.0)
      Gigya.UserManagement.Models (>= 3.0.1)
      PartnersService.Interface (>= 1.1.40)
    TFAProvidersService.Interface (1.1.1.012)
      Gigya.Common.Contracts (>= 2.0.4)
      Gigya.UserManagement.Models (>= 1.1)
    TokenService.Interface (1.7.14)
      Gigya.Common.Contracts (>= 2.5.2 < 3.0)
      Gigya.UserManagement.Models (>= 3.0.2 < 4.0)
    UserIdService.Interface (3.0.11)
      Gigya.Common.Contracts (>= 2.4.10)
      Gigya.UserManagement.Common (>= 3.0)
      Gigya.UserManagement.Contracts.Internal (>= 2.5.15)
      Gigya.UserManagement.Models (>= 2.3.2)
    UserManagement.Interface (2.27.1)
      Gigya.Common.Contracts (>= 2.6 < 3.0)
      Gigya.UserManagement.Contracts.CustomerFacing (>= 2.11.3 < 3.0)
      Gigya.UserManagement.Models (>= 3.0.3 < 4.0)
    UserService.Interface (1.0.4)
      Gigya.Common.Contracts (>= 2.7 < 3.0)
      Gigya.UserManagement.Contracts.CustomerFacing (>= 2.11.4 < 3.0)
      Gigya.UserManagement.Models (>= 3.0.3 < 4.0)
